GIT
  remote: https://github.com/datamapper/do.git
  revision: 6d4236f9ac0effa77e258038e77e3aa4b4150088
  branch: master
  specs:
    data_objects (0.10.13)
      addressable (~> 2.1)

GIT
  remote: https://github.com/dkubb/adamantium.git
  revision: 92fc152dd3e6f1a1e7ce2e23f39c1d6aefecd0d4
  branch: master
  specs:
    adamantium (0.1.0)
      ice_nine (~> 0.11.0)
      memoizable (~> 0.4.0)

GIT
  remote: https://github.com/dkubb/axiom-sql-generator.git
  revision: da5e93123ba61decb97624b257771f2e12e8e243
  branch: master
  specs:
    axiom-sql-generator (0.1.1)
      axiom (~> 0.1.1)

GIT
  remote: https://github.com/dkubb/axiom-types.git
  revision: f1ece8418b81c6c0f4450002fb6874b0c633c4c1
  branch: master
  specs:
    axiom-types (0.0.5)
      descendants_tracker (~> 0.0.3)
      ice_nine (~> 0.11.0)
      thread_safe (~> 0.1.3)

GIT
  remote: https://github.com/dkubb/axiom.git
  revision: bdfe2a10996821a69d127eb1b07da7144f23b715
  branch: master
  specs:
    axiom (0.1.1)
      abstract_type (~> 0.0.7)
      adamantium (~> 0.1.0)
      axiom-types (~> 0.0.5)
      descendants_tracker (~> 0.0.3)
      equalizer (~> 0.0.8)

GIT
  remote: https://github.com/rom-rb/devtools.git
  revision: fa7ebc72b1a07b54815452161f59ce3d846a6601
  specs:
    devtools (0.0.2)

PATH
  remote: .
  specs:
    axiom-do-adapter (0.1.1)
      axiom (~> 0.1.1)
      axiom-sql-generator (~> 0.1.0)
      data_objects (~> 0.10.13)

GEM
  remote: https://rubygems.org/
  specs:
    abstract_type (0.0.7)
    addressable (2.3.5)
    anima (0.2.0)
      abstract_type (~> 0.0.7)
      adamantium (~> 0.1)
      equalizer (~> 0.0.8)
    ast (1.1.0)
    atomic (1.1.14)
    celluloid (0.15.2)
      timers (~> 1.1.0)
    coderay (1.1.0)
    concord (0.1.4)
      adamantium (~> 0.1)
      equalizer (~> 0.0.7)
    coveralls (0.7.0)
      multi_json (~> 1.3)
      rest-client
      simplecov (>= 0.7)
      term-ansicolor
      thor
    descendants_tracker (0.0.3)
    diff-lcs (1.2.5)
    docile (1.1.2)
    equalizer (0.0.9)
    ffi (1.9.3)
    ffi-hunspell (0.3.0)
      ffi (~> 1.0)
    flay (2.4.0)
      ruby_parser (~> 3.0)
      sexp_processor (~> 4.0)
    flog (4.2.0)
      ruby_parser (~> 3.1, > 3.1.0)
      sexp_processor (~> 4.4)
    formatador (0.2.4)
    guard (2.2.5)
      formatador (>= 0.2.4)
      listen (~> 2.1)
      lumberjack (~> 1.0)
      pry (>= 0.9.12)
      thor (>= 0.18.1)
    guard-bundler (2.0.0)
      bundler (~> 1.0)
      guard (~> 2.2)
    guard-rspec (4.2.4)
      guard (~> 2.1)
      rspec (>= 2.14, < 4.0)
    guard-rubocop (1.0.1)
      guard (~> 2.0)
      rubocop (~> 0.10)
    ice_nine (0.11.0)
    inflecto (0.0.2)
    json (1.8.1)
    kramdown (1.3.1)
    libnotify (0.8.2)
      ffi (>= 1.0.11)
    listen (2.4.0)
      celluloid (>= 0.15.2)
      rb-fsevent (>= 0.9.3)
      rb-inotify (>= 0.9)
    lumberjack (1.0.4)
    memoizable (0.4.0)
      thread_safe (~> 0.1.3)
    method_source (0.8.2)
    mime-types (2.0)
    multi_json (1.8.4)
    mutant (0.3.5)
      abstract_type (~> 0.0.7)
      adamantium (~> 0.1)
      anima (~> 0.2.0)
      concord (~> 0.1.4)
      descendants_tracker (~> 0.0.1)
      equalizer (~> 0.0.7)
      ice_nine (~> 0.9)
      inflecto (~> 0.0.2)
      parser (~> 2.1.4)
      procto (~> 0.0.2)
      rspec (~> 2.14.1)
      unparser (~> 0.1.8)
    parser (2.1.4)
      ast (~> 1.1)
      slop (~> 3.4, >= 3.4.5)
    powerpack (0.0.9)
    procto (0.0.2)
    pry (0.9.12.4)
      coderay (~> 1.0)
      method_source (~> 0.8)
      slop (~> 3.4)
    racc (1.4.11)
    rainbow (1.99.1)
    rake (10.1.1)
    rb-fchange (0.0.6)
      ffi
    rb-fsevent (0.9.4)
    rb-inotify (0.9.3)
      ffi (>= 0.5.0)
    rb-notifu (0.0.4)
    rbench (0.2.3)
    reek (1.3.6)
      ruby2ruby (~> 2.0.7)
      ruby_parser (~> 3.2)
      sexp_processor
    rest-client (1.6.7)
      mime-types (>= 1.16)
    rspec (2.14.1)
      rspec-core (~> 2.14.0)
      rspec-expectations (~> 2.14.0)
      rspec-mocks (~> 2.14.0)
    rspec-core (2.14.7)
    rspec-expectations (2.14.4)
      diff-lcs (>= 1.1.3, < 2.0)
    rspec-mocks (2.14.4)
    rubocop (0.16.0)
      parser (~> 2.1)
      powerpack (~> 0.0.6)
      rainbow (>= 1.1.4)
    ruby2ruby (2.0.7)
      ruby_parser (~> 3.1)
      sexp_processor (~> 4.0)
    ruby_parser (3.3.0)
      sexp_processor (~> 4.1)
    rubysl-logger (2.0.0)
    rubysl-open-uri (2.0.0)
    rubysl-prettyprint (2.0.2)
    rubysl-singleton (2.0.0)
    sexp_processor (4.4.1)
    simplecov (0.8.2)
      docile (~> 1.1.0)
      multi_json
      simplecov-html (~> 0.8.0)
    simplecov-html (0.8.0)
    slop (3.4.7)
    term-ansicolor (1.2.2)
      tins (~> 0.8)
    terminal-notifier-guard (1.5.3)
    thor (0.18.1)
    thread_safe (0.1.3)
      atomic
    timers (1.1.0)
    tins (0.13.1)
    unparser (0.1.9)
      abstract_type (~> 0.0.7)
      adamantium (~> 0.1)
      concord (~> 0.1.4)
      equalizer (~> 0.0.7)
      parser (~> 2.1.0)
      procto (~> 0.0.2)
    yard (0.8.7.3)
    yard-spellcheck (0.1.5)
      ffi-hunspell (~> 0.2)
      yard (~> 0.6)
    yardstick (0.9.9)
      yard (~> 0.8, >= 0.8.7.2)

PLATFORMS
  ruby

DEPENDENCIES
  adamantium (~> 0.1)!
  axiom (~> 0.1.1)!
  axiom-do-adapter!
  axiom-sql-generator (~> 0.1.1)!
  axiom-types (~> 0.0.5)!
  bundler (~> 1.3, >= 1.3.5)
  coveralls (~> 0.7.0)
  data_objects (~> 0.10.13)!
  devtools!
  flay (~> 2.4.0)
  flog (~> 4.2.0)
  guard (~> 2.2.4)
  guard-bundler (~> 2.0.0)
  guard-rspec (~> 4.2.0)
  guard-rubocop (~> 1.0.0)
  jruby-openssl (~> 0.8.5)
  json (~> 1.8.1)
  kramdown (~> 1.3.0)
  libnotify (~> 0.8.0)
  listen (~> 2.4.0)
  mutant (~> 0.3.4)
  racc (~> 1.4)
  rake (~> 10.1.0)
  rb-fchange (~> 0.0.6)
  rb-fsevent (~> 0.9.3)
  rb-inotify (~> 0.9.0)
  rb-notifu (~> 0.0.4)
  rbench (~> 0.2.3)
  reek (~> 1.3.2)
  rspec (~> 2.14.1)
  rubocop (~> 0.16.0)
  rubysl-logger (~> 2.0.0)
  rubysl-open-uri (~> 2.0.0)
  rubysl-prettyprint (~> 2.0.2)
  rubysl-singleton (~> 2.0.0)
  simplecov (~> 0.8.2)
  terminal-notifier-guard (~> 1.5.3)
  yard (~> 0.8.7)
  yard-spellcheck (~> 0.1.5)
  yardstick (~> 0.9.9)
